GEM
  remote: https://rubygems.org/
  specs:
    activesupport (4.2.3)
      i18n (~> 0.7)
      json (~> 1.7, >= 1.7.7)
      minitest (~> 5.1)
      thread_safe (~> 0.3, >= 0.3.4)
      tzinfo (~> 1.1)
    addressable (2.3.8)
    async-rack (0.5.1)
      rack (~> 1.1)
    builder (3.2.2)
    coderay (1.1.0)
    cucumber (2.0.0)
      builder (>= 2.1.2)
      cucumber-core (~> 1.1.3)
      diff-lcs (>= 1.1.3)
      gherkin (~> 2.12)
      multi_json (>= 1.7.5, < 2.0)
      multi_test (>= 0.1.2)
    cucumber-core (1.1.3)
      gherkin (~> 2.12.0)
    diff-lcs (1.2.5)
    em-synchrony (1.0.4)
      eventmachine (>= 1.0.0.beta.1)
    em-websocket (0.3.8)
      addressable (>= 2.1.1)
      eventmachine (>= 0.12.9)
      eventmachine (>= 0.12.9)
      eventmachine (>= 0.12.9)
      eventmachine (>= 0.12.9)
      eventmachine (>= 0.12.9)
      eventmachine (>= 0.12.9)
      eventmachine (>= 0.12.9)
      eventmachine (>= 0.12.9)
      eventmachine (>= 0.12.9)
      eventmachine (>= 0.12.9)
      eventmachine (>= 0.12.9)
      eventmachine (>= 0.12.9)
      eventmachine (>= 0.12.9)
      eventmachine (>= 0.12.9)
      eventmachine (>= 0.12.9)
      eventmachine (>= 0.12.9)
      eventmachine (>= 0.12.9)
      eventmachine (>= 0.12.9)
      eventmachine (>= 0.12.9)
      eventmachine (>= 0.12.9)
      eventmachine (>= 0.12.9)
      eventmachine (>= 0.12.9)
      eventmachine (>= 0.12.9)
      eventmachine (>= 0.12.9)
      eventmachine (>= 0.12.9)
      eventmachine (>= 0.12.9)
      eventmachine (>= 0.12.9)
      eventmachine (>= 0.12.9)
      eventmachine (>= 0.12.9)
      eventmachine (>= 0.12.9)
      eventmachine (>= 0.12.9)
      eventmachine (>= 0.12.9)
      eventmachine (>= 0.12.9)
      eventmachine (>= 0.12.9)
      eventmachine (>= 0.12.9)
      eventmachine (>= 0.12.9)
      eventmachine (>= 0.12.9)
      eventmachine (>= 0.12.9)
      eventmachine (>= 0.12.9)
      eventmachine (>= 0.12.9)
      eventmachine (>= 0.12.9)
      eventmachine (>= 0.12.9)
      eventmachine (>= 0.12.9)
      eventmachine (>= 0.12.9)
      eventmachine (>= 0.12.9)
      eventmachine (>= 0.12.9)
      eventmachine (>= 0.12.9)
      eventmachine (>= 0.12.9)
      eventmachine (>= 0.12.9)
      eventmachine (>= 0.12.9)
      eventmachine (>= 0.12.9)
      eventmachine (>= 0.12.9)
      eventmachine (>= 0.12.9)
      eventmachine (>= 0.12.9)
      eventmachine (>= 0.12.9)
      eventmachine (>= 0.12.9)
      eventmachine (>= 0.12.9)
      eventmachine (>= 0.12.9)
      eventmachine (>= 0.12.9)
      eventmachine (>= 0.12.9)
      eventmachine (>= 0.12.9)
      eventmachine (>= 0.12.9)
      eventmachine (>= 0.12.9)
      eventmachine (>= 0.12.9)
      eventmachine (>= 0.12.9)
      eventmachine (>= 0.12.9)
      eventmachine (>= 0.12.9)
      eventmachine (>= 0.12.9)
      eventmachine (>= 0.12.9)
      eventmachine (>= 0.12.9)
      eventmachine (>= 0.12.9)
      eventmachine (>= 0.12.9)
      eventmachine (>= 0.12.9)
      eventmachine (>= 0.12.9)
      eventmachine (>= 0.12.9)
      eventmachine (>= 0.12.9)
      eventmachine (>= 0.12.9)
      eventmachine (>= 0.12.9)
      eventmachine (>= 0.12.9)
      eventmachine (>= 0.12.9)
      eventmachine (>= 0.12.9)
      eventmachine (>= 0.12.9)
      eventmachine (>= 0.12.9)
      eventmachine (>= 0.12.9)
      eventmachine (>= 0.12.9)
      eventmachine (>= 0.12.9)
      eventmachine (>= 0.12.9)
      eventmachine (>= 0.12.9)
      eventmachine (>= 0.12.9)
      eventmachine (>= 0.12.9)
      eventmachine (>= 0.12.9)
      eventmachine (>= 0.12.9)
      eventmachine (>= 0.12.9)
      eventmachine (>= 0.12.9)
      eventmachine (>= 0.12.9)
      eventmachine (>= 0.12.9)
      eventmachine (>= 0.12.9)
      eventmachine (>= 0.12.9)
      eventmachine (>= 0.12.9)
      eventmachine (>= 0.12.9)
      eventmachine (>= 0.12.9)
      eventmachine (>= 0.12.9)
      eventmachine (>= 0.12.9)
      eventmachine (>= 0.12.9)
      eventmachine (>= 0.12.9)
      eventmachine (>= 0.12.9)
      eventmachine (>= 0.12.9)
      eventmachine (>= 0.12.9)
      eventmachine (>= 0.12.9)
      eventmachine (>= 0.12.9)
      eventmachine (>= 0.12.9)
      eventmachine (>= 0.12.9)
      eventmachine (>= 0.12.9)
      eventmachine (>= 0.12.9)
      eventmachine (>= 0.12.9)
      eventmachine (>= 0.12.9)
      eventmachine (>= 0.12.9)
      eventmachine (>= 0.12.9)
      eventmachine (>= 0.12.9)
      eventmachine (>= 0.12.9)
      eventmachine (>= 0.12.9)
      eventmachine (>= 0.12.9)
      eventmachine (>= 0.12.9)
      eventmachine (>= 0.12.9)
      eventmachine (>= 0.12.9)
      eventmachine (>= 0.12.9)
      eventmachine (>= 0.12.9)
      eventmachine (>= 0.12.9)
      eventmachine (>= 0.12.9)
      eventmachine (>= 0.12.9)
      eventmachine (>= 0.12.9)
      eventmachine (>= 0.12.9)
      eventmachine (>= 0.12.9)
      eventmachine (>= 0.12.9)
      eventmachine (>= 0.12.9)
      eventmachine (>= 0.12.9)
      eventmachine (>= 0.12.9)
      eventmachine (>= 0.12.9)
      eventmachine (>= 0.12.9)
      eventmachine (>= 0.12.9)
      eventmachine (>= 0.12.9)
      eventmachine (>= 0.12.9)
      eventmachine (>= 0.12.9)
      eventmachine (>= 0.12.9)
      eventmachine (>= 0.12.9)
      eventmachine (>= 0.12.9)
      eventmachine (>= 0.12.9)
      eventmachine (>= 0.12.9)
      eventmachine (>= 0.12.9)
      eventmachine (>= 0.12.9)
      eventmachine (>= 0.12.9)
      eventmachine (>= 0.12.9)
      eventmachine (>= 0.12.9)
      eventmachine (>= 0.12.9)
      eventmachine (>= 0.12.9)
      eventmachine (>= 0.12.9)
      eventmachine (>= 0.12.9)
      eventmachine (>= 0.12.9)
      eventmachine (>= 0.12.9)
      eventmachine (>= 0.12.9)
      eventmachine (>= 0.12.9)
      eventmachine (>= 0.12.9)
      eventmachine (>= 0.12.9)
      eventmachine (>= 0.12.9)
      eventmachine (>= 0.12.9)
      eventmachine (>= 0.12.9)
      eventmachine (>= 0.12.9)
      eventmachine (>= 0.12.9)
      eventmachine (>= 0.12.9)
      eventmachine (>= 0.12.9)
      eventmachine (>= 0.12.9)
      eventmachine (>= 0.12.9)
      eventmachine (>= 0.12.9)
      eventmachine (>= 0.12.9)
      eventmachine (>= 0.12.9)
      eventmachine (>= 0.12.9)
      eventmachine (>= 0.12.9)
      eventmachine (>= 0.12.9)
      eventmachine (>= 0.12.9)
      eventmachine (>= 0.12.9)
      eventmachine (>= 0.12.9)
      eventmachine (>= 0.12.9)
      eventmachine (>= 0.12.9)
      eventmachine (>= 0.12.9)
      eventmachine (>= 0.12.9)
      eventmachine (>= 0.12.9)
      eventmachine (>= 0.12.9)
      eventmachine (>= 0.12.9)
      eventmachine (>= 0.12.9)
      eventmachine (>= 0.12.9)
      eventmachine (>= 0.12.9)
      eventmachine (>= 0.12.9)
      eventmachine (>= 0.12.9)
      eventmachine (>= 0.12.9)
      eventmachine (>= 0.12.9)
      eventmachine (>= 0.12.9)
      eventmachine (>= 0.12.9)
      eventmachine (>= 0.12.9)
      eventmachine (>= 0.12.9)
      eventmachine (>= 0.12.9)
      eventmachine (>= 0.12.9)
      eventmachine (>= 0.12.9)
      eventmachine (>= 0.12.9)
      eventmachine (>= 0.12.9)
      eventmachine (>= 0.12.9)
      eventmachine (>= 0.12.9)
      eventmachine (>= 0.12.9)
      eventmachine (>= 0.12.9)
      eventmachine (>= 0.12.9)
      eventmachine (>= 0.12.9)
      eventmachine (>= 0.12.9)
      eventmachine (>= 0.12.9)
      eventmachine (>= 0.12.9)
      eventmachine (>= 0.12.9)
      eventmachine (>= 0.12.9)
      eventmachine (>= 0.12.9)
      eventmachine (>= 0.12.9)
      eventmachine (>= 0.12.9)
      eventmachine (>= 0.12.9)
      eventmachine (>= 0.12.9)
      eventmachine (>= 0.12.9)
      eventmachine (>= 0.12.9)
      eventmachine (>= 0.12.9)
      eventmachine (>= 0.12.9)
      eventmachine (>= 0.12.9)
      eventmachine (>= 0.12.9)
      eventmachine (>= 0.12.9)
      eventmachine (>= 0.12.9)
      eventmachine (>= 0.12.9)
      eventmachine (>= 0.12.9)
      eventmachine (>= 0.12.9)
      eventmachine (>= 0.12.9)
      eventmachine (>= 0.12.9)
      eventmachine (>= 0.12.9)
      eventmachine (>= 0.12.9)
      eventmachine (>= 0.12.9)
      eventmachine (>= 0.12.9)
    eventmachine (1.0.7)
    factory_girl (4.5.0)
      activesupport (>= 3.0.0)
    faye-websocket (0.9.2)
      eventmachine (>= 0.12.0)
      websocket-driver (>= 0.5.1)
    gherkin (2.12.2)
      multi_json (~> 1.3)
    git-version-bump (0.15.1)
    goliath (1.0.4)
      async-rack
      em-synchrony (>= 1.0.0)
      em-websocket (= 0.3.8)
      eventmachine (>= 1.0.0.beta.4)
      http_parser.rb (= 0.6.0)
      log4r
      multi_json
      rack (>= 1.2.2)
      rack-contrib
      rack-respond_to
    http_parser.rb (0.6.0)
    i18n (0.7.0)
    json (1.8.3)
    log4r (1.1.10)
    method_source (0.8.2)
    minitest (5.7.0)
    multi_json (1.11.2)
    multi_test (0.1.2)
    pry (0.10.1)
      coderay (~> 1.1.0)
      method_source (~> 0.8.1)
      slop (~> 3.4)
    rack (1.6.4)
    rack-accept-media-types (0.9)
    rack-contrib (1.3.0)
      git-version-bump (~> 0.15)
      rack (~> 1.4)
    rack-respond_to (0.9.8)
      rack-accept-media-types (>= 0.6)
    require_all (1.3.2)
    rspec (3.3.0)
      rspec-core (~> 3.3.0)
      rspec-expectations (~> 3.3.0)
      rspec-mocks (~> 3.3.0)
    rspec-core (3.3.1)
      rspec-support (~> 3.3.0)
    rspec-expectations (3.3.0)
      diff-lcs (>= 1.2.0, < 2.0)
      rspec-support (~> 3.3.0)
    rspec-mocks (3.3.1)
      diff-lcs (>= 1.2.0, < 2.0)
      rspec-support (~> 3.3.0)
    rspec-support (3.3.0)
    slop (3.6.0)
    thread_safe (0.3.5)
    tzinfo (1.2.2)
      thread_safe (~> 0.1)
    websocket-driver (0.5.4)
      websocket-extensions (>= 0.1.0)
    websocket-extensions (0.1.2)

PLATFORMS
  ruby

DEPENDENCIES
  cucumber
  factory_girl
  faye-websocket
  goliath
  pry
  require_all
  rspec
